GEM
  remote: http://rubygems.org/
  specs:
    nokogiri (1.4.4)
    statarray (0.0.1)

PLATFORMS
  ruby

DEPENDENCIES
  nokogiri
  statarray
